PATH
  remote: .
  specs:
    retry_it (0.1.2)

GEM
  remote: https://rubygems.org/
  specs:
    minitest (5.11.3)
    rake (13.0.1)

PLATFORMS
  ruby

DEPENDENCIES
  bundler
  minitest (~> 5.0)
  rake (~> 13.0)
  retry_it!

BUNDLED WITH
   2.0.2
